GEM
  remote: http://rubygems.org/
  specs:
    gem-this (0.3.7)
    minitest (2.6.2)
    rake (0.9.2)

PLATFORMS
  ruby

DEPENDENCIES
  gem-this
  minitest
  rake
